PATH
  remote: .
  specs:
    structr (0.1.0)

GEM
  remote: https://rubygems.org/
  specs:
    json (1.8.1)
    minitest (5.5.1)
    rake (10.1.0)
    rdoc (4.0.1)
      json (~> 1.4)

PLATFORMS
  ruby

DEPENDENCIES
  minitest
  rake
  rdoc
  structr!
